GEM
  remote: https://rubygems.org/
  specs:
    addressable (2.8.7)
      public_suffix (>= 2.0.2, < 7.0)
    dotenv (3.1.8)
    enumerable-statistics (2.0.8)
    faraday (2.13.1)
      faraday-net_http (>= 2.0, < 3.5)
      json
      logger
    faraday-net_http (3.4.0)
      net-http (>= 0.5.0)
    faraday-retry (2.3.1)
      faraday (~> 2.0)
    json (2.12.2)
    logger (1.7.0)
    net-http (0.6.0)
      uri
    octokit (10.0.0)
      faraday (>= 1, < 3)
      sawyer (~> 0.9)
    pastel (0.8.0)
      tty-color (~> 0.5)
    public_suffix (6.0.2)
    sawyer (0.9.2)
      addressable (>= 2.3.5)
      faraday (>= 0.17.3, < 3)
    thor (1.3.2)
    tty-color (0.6.0)
    tty-cursor (0.7.1)
    tty-prompt (0.23.1)
      pastel (~> 0.8)
      tty-reader (~> 0.8)
    tty-reader (0.9.0)
      tty-cursor (~> 0.7)
      tty-screen (~> 0.8)
      wisper (~> 2.0)
    tty-screen (0.8.2)
    unicode_plot (0.0.5)
      enumerable-statistics (>= 2.0.1)
    uri (1.0.3)
    wisper (2.0.1)

PLATFORMS
  x64-mingw-ucrt

DEPENDENCIES
  dotenv
  faraday-retry
  octokit
  pastel
  thor
  tty-prompt
  unicode_plot

BUNDLED WITH
   2.6.7
